PATH
  remote: .
  specs:
    reflect (0.1.4)
      httparty

GEM
  remote: https://rubygems.org/
  specs:
    httparty (0.13.5)
      json (~> 1.8)
      multi_xml (>= 0.5.2)
    json (1.8.3)
    minitest (5.8.0)
    multi_xml (0.5.5)
    rake (10.1.1)

PLATFORMS
  ruby

DEPENDENCIES
  minitest (~> 5.3)
  rake (~> 10.1.0)
  reflect!

BUNDLED WITH
   1.10.6
